FRAMEWORK: NET45
NUGET
  remote: https://nuget.org/api/v2
  specs:
    FAKE (4.9.1)
    FSharp.Compiler.Service (1.4.0.6)
    FSharp.Core (4.0.0.1)
    FSharp.Formatting (2.12.0)
      FSharp.Compiler.Service (1.4.0.6)
      FSharpVSPowerTools.Core (2.1.0)
    FSharpVSPowerTools.Core (2.1.0)
      FSharp.Compiler.Service (>= 1.4.0.6)
    LibGit2Sharp (0.21.0.176)
    Microsoft.AspNet.Razor (3.2.3)
    Mono.Cecil (0.9.6.1)
    NuGet.CommandLine (2.8.6)
    RazorEngine (3.7.3)
      Microsoft.AspNet.Razor (>= 3.0.0)
    System.Threading.Tasks.Dataflow (4.5.25)
    UnionArgParser (0.9.0)
  remote: https://ci.appveyor.com/nuget/ctaggart-sourcelink
  specs:
    SourceLink.Fake (1.1.0-b279)
