NUGET
  remote: http://nuget.org/api/v2
  specs:
    FAKE (3.31.0)
    FSharp.Compiler.Service (0.0.89)
    FSharp.Core (3.1.2.1)
    FSharp.Formatting (2.9.5)
      FSharp.Compiler.Service (>= 0.0.87)
      FSharpVSPowerTools.Core (1.8.0)
    FSharpVSPowerTools.Core (1.8.0)
      FSharp.Compiler.Service (>= 0.0.87)
    LibGit2Sharp (0.21.0.176)
    Microsoft.AspNet.Razor (3.2.3) - framework: >= net45
    Microsoft.Tpl.Dataflow (4.5.24)
    Mono.Cecil (0.9.6.1)
    NuGet.CommandLine (2.8.5)
    RazorEngine (3.7.0)
      Microsoft.AspNet.Razor (>= 3.0.0) - framework: >= net45
      Microsoft.AspNet.Razor (2.0.30506.0) - framework: >= net40 < net45
    SourceLink.Fake (0.5.0)
    SourceLink.MSBuild (14.1.0)
      Microsoft.Tpl.Dataflow (>= 4.5.24)
    UnionArgParser (0.8.7)
