NUGET
  remote: http://nuget.org/api/v2
  specs:
    FAKE (3.20.1)
    FSharp.Compiler.Service (0.0.86)
    FSharp.Core (3.0.2)
    FSharp.Formatting (2.7.5)
      FSharp.Compiler.Service (>= 0.0.82)
      FSharpVSPowerTools.Core (>= 1.7.0)
    FSharpVSPowerTools.Core (1.7.0)
      FSharp.Compiler.Service (>= 0.0.81)
    LibGit2Sharp (0.21.0.176)
    Mono.Cecil (0.9.5.4)
    NuGet.CommandLine (2.8.3)
    UnionArgParser (0.8.6)
  remote: https://ci.appveyor.com/nuget/sourcelink-helmesfwai2a
  specs:
    SourceLink.Fake (0.5.0-ci1503082110)
