NUGET
  remote: http://nuget.org/api/v2
  specs:
    FAKE (3.5.6)
    FSharp.Data (2.0.15)
      Zlib.Portable (>= 1.10.0)
    LibGit2Sharp (0.19.0.0)
    Mono.Cecil (0.9.5.4)
    Zlib.Portable (1.10.0)
  remote: https://ci.appveyor.com/nuget/sourcelink-helmesfwai2a
  specs:
    SourceLink.Fake (0.4.0-ci1410010405)
