FRAMEWORK: >= NET45
NUGET
  remote: https://ci.appveyor.com/nuget/ctaggart-argu
  specs:
    Argu (2.1)
  remote: https://www.nuget.org/api/v2
  specs:
    FAKE (4.17.0)
    FSharp.Compiler.Service (1.4.2.3)
    FSharp.Core (4.0.0.1)
    FSharp.Formatting (2.13.5)
      FSharp.Compiler.Service (>= 1.4.2 < 1.5.0)
      FSharpVSPowerTools.Core (>= 2.2.0 < 2.3.0)
    FSharpVSPowerTools.Core (2.2.0)
      FSharp.Compiler.Service (>= 1.4.2.0)
    LibGit2Sharp (0.21.0.176)
    Microsoft.AspNet.Razor (3.2.3)
    Mono.Cecil (0.9.6.1)
    NuGet.CommandLine (3.3.0)
    RazorEngine (3.7.7)
      Microsoft.AspNet.Razor (>= 3.0.0)
    SourceLink.Fake (1.1.0)
    System.Threading.Tasks.Dataflow (4.5.25)
